GEM
  remote: http://rubygems.org/
  specs:
    nokogiri (1.4.4)
    nokogiri (1.4.4-x86-mingw32)
    pdfkit (0.5.0)

PLATFORMS
  ruby
  x86-mingw32

DEPENDENCIES
  nokogiri (~> 1.4.4)
  pdfkit (~> 0.5.0)
